PATH
  remote: .
  specs:
    dinero_mail_ipn (1.0.2)
      httparty (~> 0.8.1)
      nokogiri (~> 1.5.0)

GEM
  remote: http://rubygems.org/
  specs:
    fakeweb (1.3.0)
    httparty (0.8.3)
      multi_json (~> 1.0)
      multi_xml
    multi_json (1.3.6)
    multi_xml (0.5.1)
    nokogiri (1.5.5)
    redcarpet (2.0.1)
    shoulda (2.11.3)
    yard (0.7.4)

PLATFORMS
  ruby

DEPENDENCIES
  dinero_mail_ipn!
  fakeweb (~> 1.3.0)
  redcarpet (~> 2.0.1)
  shoulda (~> 2.11.3)
  yard (~> 0.7.4)
